GEM
  remote: https://rubygems.org/
  specs:
    mini_portile2 (2.0.0)
    nokogiri (1.6.7.2)
      mini_portile2 (~> 2.0.0.rc2)
    redis (3.2.2)
    rubyzip (1.1.7)

PLATFORMS
  ruby

DEPENDENCIES
  nokogiri
  redis
  rubyzip

BUNDLED WITH
   1.10.6
